GEM
  remote: http://rubygems.org/
  specs:
    rinku (1.7.2)

PLATFORMS
  ruby

DEPENDENCIES
  rinku
